PATH
  remote: .
  specs:
    tinify (0.9.1)
      httpclient (~> 2.6)

GEM
  remote: https://rubygems.org/
  specs:
    addressable (2.3.6)
    crack (0.4.2)
      safe_yaml (~> 1.0.0)
    httpclient (2.6.0.1)
    minitest (5.5.1)
    rake (10.4.2)
    safe_yaml (1.0.4)
    webmock (1.20.4)
      addressable (>= 2.3.6)
      crack (>= 0.3.2)

PLATFORMS
  ruby

DEPENDENCIES
  bundler (~> 1.7)
  minitest (~> 5.5)
  rake (~> 10.0)
  tinify!
  webmock (~> 1.20)
